GEM
  remote: http://rubygems.org/
  specs:
    activesupport (7.0.3.1)
      concurrent-ruby (~> 1.0, >= 1.0.2)
      i18n (>= 1.6, < 2)
      minitest (>= 5.1)
      tzinfo (~> 2.0)
    concurrent-ruby (1.1.10)
    graticule (2.7.2)
      activesupport
      i18n
      nokogiri-happymapper (>= 0.5.9)
    i18n (1.12.0)
      concurrent-ruby (~> 1.0)
    mini_portile2 (2.4.0)
    minitest (5.16.2)
    nestful (1.1.3)
    nokogiri (1.10.3)
      mini_portile2 (~> 2.4.0)
    nokogiri-happymapper (0.8.1)
      nokogiri (~> 1.5)
    redis (4.1.0)
    sqlite3 (1.4.1)
    tzinfo (2.0.5)
      concurrent-ruby (~> 1.0)
    unicode_utils (1.4.0)

PLATFORMS
  ruby

DEPENDENCIES
  graticule
  nestful
  redis
  sqlite3
  unicode_utils

BUNDLED WITH
   2.0.1
